PATH
  remote: .
  specs:
    fetchapp-api-ruby (1.2.4)
      httparty

GEM
  remote: http://rubygems.org/
  specs:
    fakeweb (1.3.0)
    httparty (0.8.1)
      multi_json
      multi_xml
    metaclass (0.0.1)
    mocha (0.10.5)
      metaclass (~> 0.0.1)
    multi_json (1.2.0)
    multi_xml (0.4.2)

PLATFORMS
  ruby

DEPENDENCIES
  fakeweb
  fetchapp-api-ruby!
  mocha
